GEM
  remote: http://rubygems.org/
  specs:
    actionmailer (2.3.5)
      actionpack (= 2.3.5)
    actionpack (2.3.5)
      activesupport (= 2.3.5)
      rack (~> 1.0.0)
    activerecord (2.3.5)
      activesupport (= 2.3.5)
    activeresource (2.3.5)
      activesupport (= 2.3.5)
    activesupport (2.3.5)
    pg (0.12.0)
      rake-compiler (~> 0.7)
    rack (1.0.1)
    rails (2.3.5)
      actionmailer (= 2.3.5)
      actionpack (= 2.3.5)
      activerecord (= 2.3.5)
      activeresource (= 2.3.5)
      activesupport (= 2.3.5)
      rake (>= 0.8.3)
    rake (0.9.2.2)
    rake-compiler (0.7.9)
      rake
    rmagick (2.13.1)
    rspec (1.3.2)
    will_paginate (2.3.15)

PLATFORMS
  ruby

DEPENDENCIES
  pg
  rails (= 2.3.5)
  rmagick
  rspec (= 1.3.2)
  will_paginate (= 2.3.15)
